GEM
  remote: https://rubygems.org/
  specs:
    equatable (0.5.0)
    necromancer (0.3.0)
    pastel (0.7.1)
      equatable (~> 0.5.0)
      tty-color (~> 0.4.0)
    tty-color (0.4.2)
    tty-cursor (0.3.0)
    tty-prompt (0.10.1)
      necromancer (~> 0.3.0)
      pastel (~> 0.7.0)
      tty-cursor (~> 0.3.0)
      wisper (~> 1.6.1)
    wisper (1.6.1)

PLATFORMS
  ruby

DEPENDENCIES
  tty-prompt (~> 0.10.1)

BUNDLED WITH
   1.14.6
